GEM
  remote: https://rubygems.org/
  specs:
    asciidoctor (2.0.10)

PLATFORMS
  ruby

DEPENDENCIES
  asciidoctor (= 2.0.10)

BUNDLED WITH
   1.16.1
